GEM
  remote: https://rubygems.org/
  specs:
    addressable (2.6.0)
      public_suffix (>= 2.0.2, < 4.0)
    adsf (1.4.2)
      rack (>= 1.0.0, < 3.0.0)
    asciidoctor (2.0.10)
    asciidoctor-bespoke (1.0.0.alpha.1)
      asciidoctor (>= 1.5.0)
      slim (~> 3.0.6)
      thread_safe (~> 0.3.5)
    asciidoctor-revealjs (2.0.0)
      asciidoctor (>= 1.5.6, < 2.1)
      concurrent-ruby (~> 1.0)
      thread_safe (~> 0.3.5)
    ast (2.4.0)
    chunky_png (1.3.11)
    codecov (0.1.14)
      json
      simplecov
      url
    coderay (1.1.2)
    colored (1.2)
    commonmarker (0.20.1)
      ruby-enum (~> 0.5)
    compass (1.0.3)
      chunky_png (~> 1.2)
      compass-core (~> 1.0.2)
      compass-import-once (~> 1.0.5)
      rb-fsevent (>= 0.9.3)
      rb-inotify (>= 0.9)
      sass (>= 3.3.13, < 3.5)
    compass-core (1.0.3)
      multi_json (~> 1.0)
      sass (>= 3.3.0, < 3.5)
    compass-import-once (1.0.5)
      sass (>= 3.2, < 3.5)
    concurrent-ruby (1.1.5)
    cri (2.15.9)
    ddmemoize (1.0.0)
      ddmetrics (~> 1.0)
      ref (~> 2.0)
    ddmetrics (1.0.1)
    ddplugin (1.0.2)
    diff-lcs (1.3)
    docile (1.3.2)
    em-websocket (0.5.1)
      eventmachine (>= 0.12.9)
      http_parser.rb (~> 0.6.0)
    equatable (0.6.1)
    eventmachine (1.2.7)
    ffi (1.11.1)
    formatador (0.2.5)
    guard (2.15.0)
      formatador (>= 0.2.4)
      listen (>= 2.7, < 4.0)
      lumberjack (>= 1.0.12, < 2.0)
      nenv (~> 0.1)
      notiffany (~> 0.0)
      pry (>= 0.9.12)
      shellany (~> 0.0)
      thor (>= 0.18.1)
    guard-compat (1.2.1)
    guard-livereload (2.5.2)
      em-websocket (~> 0.5)
      guard (~> 2.8)
      guard-compat (~> 1.0)
      multi_json (~> 1.8)
    guard-nanoc (2.1.6)
      guard (~> 2.8)
      guard-compat (~> 1.0)
      nanoc (>= 4.3.8, < 5.0)
    guard-rspec (4.7.3)
      guard (~> 2.1)
      guard-compat (~> 1.1)
      rspec (>= 2.99.0, < 4.0)
    hamster (3.0.0)
      concurrent-ruby (~> 1.0)
    http_parser.rb (0.6.0)
    i18n (1.6.0)
      concurrent-ruby (~> 1.0)
    jaro_winkler (1.5.3)
    json (2.2.0)
    json_schema (0.20.7)
    kramdown (2.1.0)
    kramdown-parser-gfm (1.1.0)
      kramdown (~> 2.0)
    listen (3.1.5)
      rb-fsevent (~> 0.9, >= 0.9.4)
      rb-inotify (~> 0.9, >= 0.9.7)
      ruby_dep (~> 1.2)
    lumberjack (1.0.13)
    method_source (0.9.2)
    mini_portile2 (2.4.0)
    multi_json (1.13.1)
    nanoc (4.11.9)
      addressable (~> 2.5)
      colored (~> 1.2)
      cri (~> 2.15)
      nanoc-core (= 4.11.9)
      parallel (~> 1.12)
      tomlrb (~> 1.2)
      tty-command (~> 0.8)
      tty-file (~> 0.7)
      tty-platform (~> 0.2)
      tty-which (~> 0.4)
    nanoc-core (4.11.9)
      ddmemoize (~> 1.0)
      ddmetrics (~> 1.0)
      ddplugin (~> 1.0)
      hamster (~> 3.0)
      json_schema (~> 0.19)
      slow_enumerator_tools (~> 1.0)
      zeitwerk (~> 2.1)
    necromancer (0.5.0)
    nenv (0.3.0)
    nokogiri (1.10.4)
      mini_portile2 (~> 2.4.0)
    notiffany (0.1.3)
      nenv (~> 0.1)
      shellany (~> 0.0)
    parallel (1.17.0)
    parser (2.6.3.0)
      ast (~> 2.4.0)
    pastel (0.7.3)
      equatable (~> 0.6)
      tty-color (~> 0.5)
    pry (0.12.2)
      coderay (~> 1.1.0)
      method_source (~> 0.9.0)
    public_suffix (3.1.1)
    rack (2.0.8)
    rainbow (3.0.0)
    rake (12.3.3)
    rb-fsevent (0.10.3)
    rb-inotify (0.10.0)
      ffi (~> 1.0)
    ref (2.0.0)
    rspec (3.8.0)
      rspec-core (~> 3.8.0)
      rspec-expectations (~> 3.8.0)
      rspec-mocks (~> 3.8.0)
    rspec-core (3.8.2)
      rspec-support (~> 3.8.0)
    rspec-expectations (3.8.4)
      diff-lcs (>= 1.2.0, < 2.0)
      rspec-support (~> 3.8.0)
    rspec-mocks (3.8.1)
      diff-lcs (>= 1.2.0, < 2.0)
      rspec-support (~> 3.8.0)
    rspec-support (3.8.2)
    rubocop (0.74.0)
      jaro_winkler (~> 1.5.1)
      parallel (~> 1.10)
      parser (>= 2.6)
      rainbow (>= 2.2.2, < 4.0)
      ruby-progressbar (~> 1.7)
      unicode-display_width (>= 1.4.0, < 1.7)
    ruby-enum (0.7.2)
      i18n
    ruby-progressbar (1.10.1)
    ruby_dep (1.5.0)
    sass (3.4.25)
    shellany (0.0.1)
    simplecov (0.17.0)
      docile (~> 1.1)
      json (>= 1.8, < 3)
      simplecov-html (~> 0.10.0)
    simplecov-html (0.10.2)
    slim (3.0.9)
      temple (>= 0.7.6, < 0.9)
      tilt (>= 1.3.3, < 2.1)
    slow_enumerator_tools (1.1.0)
    temple (0.8.1)
    thor (0.20.3)
    thread_safe (0.3.6)
    tilt (2.0.9)
    tomlrb (1.2.8)
    tty-color (0.5.0)
    tty-command (0.8.2)
      pastel (~> 0.7.0)
    tty-cursor (0.7.0)
    tty-file (0.8.0)
      diff-lcs (~> 1.3)
      pastel (~> 0.7.2)
      tty-prompt (~> 0.18)
    tty-platform (0.2.1)
    tty-prompt (0.19.0)
      necromancer (~> 0.5.0)
      pastel (~> 0.7.0)
      tty-reader (~> 0.6.0)
    tty-reader (0.6.0)
      tty-cursor (~> 0.7)
      tty-screen (~> 0.7)
      wisper (~> 2.0.0)
    tty-screen (0.7.0)
    tty-which (0.4.1)
    unicode-display_width (1.6.0)
    url (0.3.2)
    w3c_validators (1.3.4)
      json (>= 1.8)
      nokogiri (~> 1.6)
    wisper (2.0.0)
    zeitwerk (2.1.9)
    zurb-foundation (4.3.2)
      sass (>= 3.2.0)

PLATFORMS
  ruby

DEPENDENCIES
  adsf
  asciidoctor
  asciidoctor-bespoke
  asciidoctor-revealjs
  codecov
  commonmarker
  compass
  guard
  guard-livereload
  guard-nanoc
  guard-rspec
  kramdown
  kramdown-parser-gfm
  nanoc
  nokogiri
  rake
  rspec
  rubocop
  simplecov
  slim
  w3c_validators
  zurb-foundation

BUNDLED WITH
   2.0.2
